GEM
  remote: http://rubygems.org/
  specs:
    byebug (11.0.1)
    childprocess (0.9.0)
      ffi (~> 1.0, >= 1.0.11)
    dotenv (2.7.5)
    ffi (1.11.1)
    httparty (0.17.1)
      mime-types (~> 3.0)
      multi_xml (>= 0.5.2)
    mime-types (3.3)
      mime-types-data (~> 3.2015)
    mime-types-data (3.2019.1009)
    mini_portile2 (2.4.0)
    multi_xml (0.6.0)
    nokogiri (1.10.10)
      mini_portile2 (~> 2.4.0)
    rubyzip (1.3.0)
    selenium-webdriver (2.53.4)
      childprocess (~> 0.5)
      rubyzip (~> 1.0)
      websocket (~> 1.0)
    wait (0.5.3)
    websocket (1.2.8)

PLATFORMS
  ruby

DEPENDENCIES
  byebug
  dotenv
  httparty
  nokogiri
  selenium-webdriver (~> 2.53, >= 2.53.4)
  wait (~> 0.5.3)

BUNDLED WITH
   2.0.2
